GEM
  remote: https://rubygems.org/
  specs:
    concurrent-ruby (1.1.10)
    erubis (2.7.0)
    i18n (1.12.0)
      concurrent-ruby (~> 1.0)
    mustermann (3.0.0)
      ruby2_keywords (~> 0.0.1)
    nio4r (2.5.8)
    puma (6.0.0)
      nio4r (~> 2.0)
    rack (2.2.6.2)
    rack-contrib (2.3.0)
      rack (~> 2.0)
    rack-protection (3.0.4)
      rack
    ruby2_keywords (0.0.5)
    rubyzip (2.3.2)
    sinatra (3.0.4)
      mustermann (~> 3.0)
      rack (~> 2.2, >= 2.2.4)
      rack-protection (= 3.0.4)
      tilt (~> 2.0)
    tilt (2.0.11)

PLATFORMS
  ruby

DEPENDENCIES
  erubis
  i18n
  puma
  rack-contrib
  rubyzip
  sinatra

RUBY VERSION
   ruby 3.1.3

BUNDLED WITH
   2.3.26
