GEM
  remote: https://rubygems.org/
  specs:
    concurrent-ruby (1.1.8)
    erubis (2.7.0)
    i18n (1.8.10)
      concurrent-ruby (~> 1.0)
    mustermann (2.0.2)
      ruby2_keywords (~> 0.0.1)
    rack (2.2.4)
    rack-contrib (2.3.0)
      rack (~> 2.0)
    rack-protection (2.2.3)
      rack
    ruby2_keywords (0.0.5)
    rubyzip (2.3.0)
    sinatra (2.2.3)
      mustermann (~> 2.0)
      rack (~> 2.2)
      rack-protection (= 2.2.3)
      tilt (~> 2.0)
    tilt (2.0.11)

PLATFORMS
  ruby

DEPENDENCIES
  erubis
  i18n
  rack-contrib
  rubyzip
  sinatra

BUNDLED WITH
   1.16.1
