GEM
  remote: https://rubygems.org/
  specs:
    erubis (2.7.0)
    git-version-bump (0.15.1)
    i18n (0.7.0)
    rack (1.5.2)
    rack-contrib (1.4.0)
      git-version-bump (~> 0.15)
      rack (~> 1.4)
    rack-protection (1.5.3)
      rack
    rubyzip (1.2.0)
    sinatra (1.4.5)
      rack (~> 1.4)
      rack-protection (~> 1.4)
      tilt (~> 1.3, >= 1.3.4)
    tilt (1.4.1)

PLATFORMS
  ruby

DEPENDENCIES
  erubis
  i18n
  rack-contrib
  rubyzip
  sinatra

BUNDLED WITH
   1.10.6
