GEM
  remote: https://rubygems.org/
  specs:
    rubyzip (1.2.0)

PLATFORMS
  ruby

DEPENDENCIES
  rubyzip

BUNDLED WITH
   1.10.6
